PATH
  remote: .
  specs:
    arachni (0.4.1)
      arachni-rpc-em (>= 0.1.1)
      async_sinatra (>= 0.5.0)
      awesome_print
      data_objects (= 0.10.7)
      datamapper (= 1.1.0)
      dm-sqlite-adapter (= 1.1.0)
      em-synchrony (>= 1.0.0)
      eventmachine (>= 1.0.0.beta.4)
      json
      net-scp (>= 1.0.4)
      net-ssh (>= 2.2.1)
      nokogiri (>= 1.5.0)
      sinatra (~> 1.3.2)
      sinatra-contrib (~> 1.3.1)
      sinatra-flash (>= 0.3.0)
      sys-proctable (>= 0.9.1)
      terminal-table (>= 1.4.2)
      thin (>= 1.2.11)
      typhoeus (>= 0.3.3)

GEM
  remote: http://rubygems.org/
  specs:
    addressable (2.2.6)
    arachni-rpc (0.1.1)
    arachni-rpc-em (0.1.1)
      arachni-rpc (= 0.1.1)
      em-synchrony (>= 1.0.0)
      eventmachine (>= 1.0.0.beta.4)
    async_sinatra (0.5.0)
      rack (>= 1.2.1)
      sinatra (>= 1.0)
    awesome_print (1.0.2)
    backports (2.3.0)
    bcrypt-ruby (2.1.4)
    daemons (1.1.5)
    data_objects (0.10.7)
      addressable (~> 2.1)
    datamapper (1.1.0)
      dm-aggregates (= 1.1.0)
      dm-constraints (= 1.1.0)
      dm-core (= 1.1.0)
      dm-migrations (= 1.1.0)
      dm-serializer (= 1.1.0)
      dm-timestamps (= 1.1.0)
      dm-transactions (= 1.1.0)
      dm-types (= 1.1.0)
      dm-validations (= 1.1.0)
    diff-lcs (1.1.3)
    dm-aggregates (1.1.0)
      dm-core (~> 1.1.0)
    dm-constraints (1.1.0)
      dm-core (~> 1.1.0)
    dm-core (1.1.0)
      addressable (~> 2.2.4)
    dm-do-adapter (1.1.0)
      data_objects (~> 0.10.2)
      dm-core (~> 1.1.0)
    dm-migrations (1.1.0)
      dm-core (~> 1.1.0)
    dm-serializer (1.1.0)
      dm-core (~> 1.1.0)
      fastercsv (~> 1.5.4)
      json (~> 1.4.6)
    dm-sqlite-adapter (1.1.0)
      dm-do-adapter (~> 1.1.0)
      do_sqlite3 (~> 0.10.2)
    dm-timestamps (1.1.0)
      dm-core (~> 1.1.0)
    dm-transactions (1.1.0)
      dm-core (~> 1.1.0)
    dm-types (1.1.0)
      bcrypt-ruby (~> 2.1.4)
      dm-core (~> 1.1.0)
      fastercsv (~> 1.5.4)
      json (~> 1.4.6)
      stringex (~> 1.2.0)
      uuidtools (~> 2.1.2)
    dm-validations (1.1.0)
      dm-core (~> 1.1.0)
    do_sqlite3 (0.10.7)
      data_objects (= 0.10.7)
    em-synchrony (1.0.0)
      eventmachine (>= 1.0.0.beta.1)
    eventmachine (1.0.0.beta.4)
    fastercsv (1.5.4)
    json (1.4.6)
    mime-types (1.17.2)
    net-scp (1.0.4)
      net-ssh (>= 1.99.1)
    net-ssh (2.2.2)
    nokogiri (1.5.0)
    rack (1.4.0)
    rack-protection (1.2.0)
      rack
    rack-test (0.6.1)
      rack (>= 1.0)
    rspec (2.8.0)
      rspec-core (~> 2.8.0)
      rspec-expectations (~> 2.8.0)
      rspec-mocks (~> 2.8.0)
    rspec-core (2.8.0)
    rspec-expectations (2.8.0)
      diff-lcs (~> 1.1.2)
    rspec-mocks (2.8.0)
    sinatra (1.3.2)
      rack (~> 1.3, >= 1.3.6)
      rack-protection (~> 1.2)
      tilt (~> 1.3, >= 1.3.3)
    sinatra-contrib (1.3.1)
      backports (>= 2.0)
      eventmachine
      rack-protection
      rack-test
      sinatra (~> 1.3.0)
      tilt (~> 1.3)
    sinatra-flash (0.3.0)
      sinatra (>= 1.0.0)
    stringex (1.2.2)
    sys-proctable (0.9.1)
    terminal-table (1.4.4)
    thin (1.3.1)
      daemons (>= 1.0.9)
      eventmachine (>= 0.12.6)
      rack (>= 1.0.0)
    tilt (1.3.3)
    typhoeus (0.3.3)
      mime-types
    uuidtools (2.1.2)

PLATFORMS
  ruby

DEPENDENCIES
  arachni!
  rspec (~> 2.8)
